GIT
  remote: git://github.com/akitaonrails/will_paginate.git
  revision: f76db771a8adcc782b43222cc5fe523467a871ac
  branch: rails3.1
  specs:
    will_paginate (3.0.pre3)

GIT
  remote: git://github.com/andreasronge/neo4j.git
  revision: ed3d8d05ed8f50d40cd9c7739d2c9860c600c0bf
  specs:
    neo4j (1.1.2-java)
      activemodel (>= 3.0.0)
      orm_adapter (>= 0.0.3)
      railties (>= 3.0.0)
      will_paginate (~> 3.0.pre)

GIT
  remote: git://github.com/benjackson/devise-neo4j.git
  revision: c03f3a379b9e01b1d328efac0a39b4513bb2ce8e
  specs:
    devise-neo4j (1.0.2)
      devise (= 1.3.4)
      neo4j (~> 1.1.1)

GIT
  remote: git://github.com/intridea/omniauth.git
  revision: 5972c94792cf9e8f098d483ded0ce201bad53254
  specs:
    oa-core (0.3.0.rc1)
    oa-oauth (0.3.0.rc1)
      faraday (~> 0.7.3)
      multi_json (~> 1.0.0)
      multi_xml (~> 0.2.2)
      oa-core (= 0.3.0.rc1)
      oauth (~> 0.4.0)
      oauth2 (~> 0.5.0)

GIT
  remote: git://github.com/thoughtbot/paperclip.git
  revision: 891badbcb6ca6843ea0b7aa523ffddd7eff564bc
  specs:
    paperclip (2.3.16)
      activerecord (>= 2.3.0)
      activesupport (>= 2.3.2)
      cocaine (>= 0.0.2)
      mime-types

GEM
  remote: http://rubygems.org/
  specs:
    actionmailer (3.1.0.rc5)
      actionpack (= 3.1.0.rc5)
      mail (~> 2.3.0)
    actionpack (3.1.0.rc5)
      activemodel (= 3.1.0.rc5)
      activesupport (= 3.1.0.rc5)
      builder (~> 3.0.0)
      erubis (~> 2.7.0)
      i18n (~> 0.6)
      rack (~> 1.3.1)
      rack-cache (~> 1.0.2)
      rack-mount (~> 0.8.1)
      rack-test (~> 0.6.0)
      sprockets (~> 2.0.0.beta.12)
    activemodel (3.1.0.rc5)
      activesupport (= 3.1.0.rc5)
      bcrypt-ruby (~> 2.1.4)
      builder (~> 3.0.0)
      i18n (~> 0.6)
    activerecord (3.1.0.rc5)
      activemodel (= 3.1.0.rc5)
      activesupport (= 3.1.0.rc5)
      arel (~> 2.1.4)
      tzinfo (~> 0.3.29)
    activeresource (3.1.0.rc5)
      activemodel (= 3.1.0.rc5)
      activesupport (= 3.1.0.rc5)
    activesupport (3.1.0.rc5)
      multi_json (~> 1.0)
    addressable (2.2.6)
    ansi (1.3.0)
    arel (2.1.4)
    aws-s3 (0.6.2)
      builder
      mime-types
      xml-simple
    bcrypt-ruby (2.1.4-java)
    bouncy-castle-java (1.5.0146.1)
    builder (3.0.0)
    capybara (1.0.0)
      mime-types (>= 1.16)
      nokogiri (>= 1.3.3)
      rack (>= 1.0.0)
      rack-test (>= 0.5.4)
      selenium-webdriver (~> 0.2.0)
      xpath (~> 0.1.4)
    childprocess (0.2.0)
      ffi (~> 1.0.6)
    clbustos-rtf (0.4.2)
    cocaine (0.1.0)
    coffee-script (2.2.0)
      coffee-script-source
      execjs
    coffee-script-source (1.1.1)
    coffeebeans (1.0.1)
      actionpack (>= 3.0.0)
      coffee-script
    cucumber (1.0.2)
      builder (>= 2.1.2)
      diff-lcs (>= 1.1.2)
      gherkin (~> 2.4.5)
      json (>= 1.4.6)
      term-ansicolor (>= 1.0.5)
    cucumber-rails (1.0.2)
      capybara (>= 1.0.0)
      cucumber (~> 1.0.0)
      nokogiri (>= 1.4.6)
    devise (1.3.4)
      bcrypt-ruby (~> 2.1.2)
      orm_adapter (~> 0.0.3)
      warden (~> 1.0.3)
    diff-lcs (1.1.2)
    dirty-memoize (0.0.4)
    distribution (0.5.0)
    em-websocket (0.3.1)
      addressable (>= 2.1.1)
      eventmachine (>= 0.12.9)
    erubis (2.7.0)
    eventmachine (0.12.10-java)
    execjs (1.2.1)
      multi_json (~> 1.0)
    extendmatrix (0.3.1)
    faraday (0.7.4)
      addressable (~> 2.2.6)
      multipart-post (~> 1.1.0)
      rack (>= 1.1.0, < 2)
    fastercsv (1.5.4)
    ffi (1.0.9-java)
    gherkin (2.4.5-java)
      json (>= 1.4.6)
    gritter (0.6.1)
    guard (0.5.0)
      thor (~> 0.14.6)
    guard-bundler (0.1.3)
      bundler (>= 1.0.0)
      guard (>= 0.2.2)
    guard-livereload (0.2.0)
      em-websocket (>= 0.2.0)
      guard (>= 0.4.0)
      json (>= 1.5.1)
    guard-rspec (0.4.0)
      guard (>= 0.4.0)
    hike (1.2.0)
    i18n (0.6.0)
    jquery-rails (1.0.12)
      railties (~> 3.0)
      thor (~> 0.14)
    jruby-jars (1.6.3)
    jruby-openssl (0.7.4)
      bouncy-castle-java
    jruby-rack (1.0.9)
    json (1.5.3-java)
    json_pure (1.5.3)
    launchy (2.0.4-java)
      addressable (~> 2.2.6)
      ffi (~> 1.0.9)
      spoon (~> 0.0.1)
    libnotify (0.5.7)
      ffi (= 1.0.9)
    mail (2.3.0)
      i18n (>= 0.4.0)
      mime-types (~> 1.16)
      treetop (~> 1.4.8)
    mechanize (2.0.1)
      net-http-digest_auth (~> 1.1, >= 1.1.1)
      net-http-persistent (~> 1.8)
      nokogiri (~> 1.4)
      webrobots (~> 0.0, >= 0.0.9)
    mime-types (1.16)
    minimization (0.2.1)
      text-table (~> 1.2)
    mocha (0.9.12)
    multi_json (1.0.3)
    multi_xml (0.2.2)
    multipart-post (1.1.3)
    net-http-digest_auth (1.1.1)
    net-http-persistent (1.8)
    nokogiri (1.5.0.beta.4-java)
    oauth (0.4.5)
    oauth2 (0.5.0)
      faraday (>= 0.6.1, < 0.8)
      multi_json (~> 1.0.0)
    orm_adapter (0.0.5)
    polyglot (0.3.2)
    prawn (0.8.4)
      prawn-core (>= 0.8.4, < 0.9)
      prawn-layout (>= 0.8.4, < 0.9)
      prawn-security (>= 0.8.4, < 0.9)
    prawn-core (0.8.4)
    prawn-layout (0.8.4)
    prawn-security (0.8.4)
    prawn-svg (0.9.1.10)
      prawn (>= 0.8.4)
      prawn-core (>= 0.8.4)
    rack (1.3.2)
    rack-cache (1.0.2)
      rack (>= 0.4)
    rack-mount (0.8.1)
      rack (>= 1.0.0)
    rack-ssl (1.3.2)
      rack
    rack-test (0.6.1)
      rack (>= 1.0)
    rails (3.1.0.rc5)
      actionmailer (= 3.1.0.rc5)
      actionpack (= 3.1.0.rc5)
      activerecord (= 3.1.0.rc5)
      activeresource (= 3.1.0.rc5)
      activesupport (= 3.1.0.rc5)
      bundler (~> 1.0)
      railties (= 3.1.0.rc5)
    railties (3.1.0.rc5)
      actionpack (= 3.1.0.rc5)
      activesupport (= 3.1.0.rc5)
      rack-ssl (~> 1.3.2)
      rake (>= 0.8.7)
      rdoc (~> 3.4)
      thor (~> 0.14.6)
    rake (0.9.2)
    rb-inotify (0.8.5)
      ffi (>= 0.5.0)
    rdoc (3.8)
    reportbuilder (1.4.1)
      clbustos-rtf (~> 0.4.0)
      prawn (~> 0.8.4)
      prawn-svg (~> 0.9.1)
      text-table (~> 1.2)
    rserve-client (0.2.5)
    rspec (2.6.0)
      rspec-core (~> 2.6.0)
      rspec-expectations (~> 2.6.0)
      rspec-mocks (~> 2.6.0)
    rspec-core (2.6.4)
    rspec-expectations (2.6.0)
      diff-lcs (~> 1.1.2)
    rspec-mocks (2.6.0)
    rspec-rails (2.6.1.beta1)
      actionpack (~> 3.0)
      activesupport (~> 3.0)
      railties (~> 3.0)
      rspec (~> 2.6.0)
    ruby-ole (1.2.11.1)
    rubyvis (0.4.1)
    rubyzip (0.9.4)
    sass (3.1.5)
    selenium-webdriver (0.2.2)
      childprocess (>= 0.1.9)
      ffi (>= 1.0.7)
      json_pure
      rubyzip
    spoon (0.0.1)
    spork (0.9.0.rc8)
    spreadsheet (0.6.5.7)
      ruby-ole (>= 1.0)
    sprockets (2.0.0.beta.12)
      hike (~> 1.2)
      rack (~> 1.0)
      tilt (~> 1.1, != 1.3.0)
    statsample (1.1.0)
      dirty-memoize (~> 0.0)
      distribution (~> 0.3)
      extendmatrix (~> 0.3.1)
      fastercsv (> 0)
      minimization (~> 0.2.0)
      reportbuilder (~> 1.4)
      rserve-client (~> 0.2.5)
      rubyvis (~> 0.4.0)
      spreadsheet (~> 0.6.5)
      statsample-bivariate-extension (> 0)
    statsample-bivariate-extension (0.16.1)
    term-ansicolor (1.0.6)
    text-table (1.2.2)
    thor (0.14.6)
    tilt (1.3.2)
    treetop (1.4.10)
      polyglot
      polyglot (>= 0.3.1)
    turn (0.8.2)
      ansi (>= 1.2.2)
    tzinfo (0.3.29)
    uglifier (1.0.0)
      execjs (>= 0.3.0)
      multi_json (>= 1.0.2)
    warbler (1.3.0)
      jruby-jars (>= 1.4.0)
      jruby-rack (>= 1.0.0)
      rake (>= 0.8.7)
      rubyzip (>= 0.9.4)
    warden (1.0.5)
      rack (>= 1.0)
    webrobots (0.0.10)
      nokogiri (>= 1.4.4)
    xml-simple (1.1.0)
    xpath (0.1.4)
      nokogiri (~> 1.3)

PLATFORMS
  java

DEPENDENCIES
  aws-s3
  capybara
  coffee-script
  coffeebeans
  cucumber
  cucumber-rails
  devise-neo4j!
  gritter
  guard (= 0.5.0)
  guard-bundler
  guard-livereload
  guard-rspec
  jquery-rails
  jruby-openssl
  json
  launchy
  libnotify
  mechanize
  mocha
  multi_xml
  neo4j!
  nokogiri (= 1.5.0.beta.4)
  oa-oauth!
  paperclip!
  rails (= 3.1.0.rc5)
  rb-inotify
  rspec
  rspec-mocks
  rspec-rails (= 2.6.1.beta1)
  sass
  spork (= 0.9.0.rc8)
  statsample
  turn
  uglifier
  warbler
  will_paginate!
